GEM
  remote: https://rubygems.org/
  specs:
    airbrussh (1.3.0)
      sshkit (>= 1.6.1, != 1.7.0)
    capistrano (3.11.0)
      airbrussh (>= 1.0.0)
      i18n
      rake (>= 10.0.0)
      sshkit (>= 1.9.0)
    capistrano-bundler (1.3.0)
      capistrano (~> 3.1)
      sshkit (~> 1.2)
    capistrano-rvm (0.1.2)
      capistrano (~> 3.0)
      sshkit (~> 1.2)
    concurrent-ruby (1.0.5)
    eventmachine (1.2.7)
    faye-websocket (0.10.7)
      eventmachine (>= 0.12.0)
      websocket-driver (>= 0.5.1)
    ffi (1.9.25)
    i18n (1.1.0)
      concurrent-ruby (~> 1.0)
    mail (2.7.0)
      mini_mime (>= 0.1.1)
    mini_mime (1.0.1)
    net-scp (1.2.1)
      net-ssh (>= 2.6.5)
    net-ssh (5.0.2)
    pg (0.21.0)
    pony (1.12)
      mail (>= 2.0)
    rake (12.3.1)
    rb-fsevent (0.10.3)
    rb-inotify (0.9.10)
      ffi (>= 0.5.0, < 2)
    sass (3.5.7)
      sass-listen (~> 4.0.0)
    sass-listen (4.0.0)
      rb-fsevent (~> 0.9, >= 0.9.4)
      rb-inotify (~> 0.9, >= 0.9.7)
    sequel (5.0.0)
    sshkit (1.17.0)
      net-scp (>= 1.1.2)
      net-ssh (>= 2.8.0)
    websocket-driver (0.7.0)
      websocket-extensions (>= 0.1.0)
    websocket-extensions (0.1.3)

PLATFORMS
  ruby

DEPENDENCIES
  capistrano
  capistrano-bundler
  capistrano-rvm
  faye-websocket (= 0.10.7)
  pg (= 0.21.0)
  pony (= 1.12)
  rake (= 12.3.1)
  sass (= 3.5.7)
  sequel (= 5.0.0)

BUNDLED WITH
   1.16.1
